PATH
  remote: .
  specs:
    dldinternet-mixlib-thor (0.9.3)
      activesupport (~> 5.1, >= 5.1.4)
      awesome_print
      command_line_reporter (~> 3.3, >= 3.3.6)
      config-factory
      dldinternet-mixlib-logging (>= 0.7.0)
      hashie
      inifile
      json-pointer (~> 0.0, < 0.1)
      paint-shortcuts
      thor (~> 0.19, >= 0.19.4)
      vcr (~> 3.0, >= 3.0.3)

GEM
  remote: https://rubygems.org/
  specs:
    activesupport (5.1.4)
      concurrent-ruby (~> 1.0, >= 1.0.2)
      i18n (~> 0.7)
      minitest (~> 5.1)
      tzinfo (~> 1.1)
    awesome_print (1.8.0)
    builder (3.2.3)
    colored (1.2)
    command_line_reporter (3.3.6)
      colored (>= 1.2)
    concurrent-ruby (1.0.5)
    config-factory (0.0.9)
    cucumber (0.10.7)
      builder (>= 2.1.2)
      diff-lcs (>= 1.1.2)
      gherkin (~> 2.4.0)
      json (>= 1.4.6)
      term-ansicolor (>= 1.0.5)
    diff-lcs (1.3)
    dldinternet-mixlib-logging (0.7.0)
      logging (~> 2.1, >= 2.1.0)
    gherkin (2.4.21)
      json (>= 1.4.6)
    hashie (3.5.6)
    i18n (0.8.6)
    inifile (3.0.0)
    json (2.0.3)
    json-pointer (0.0.1)
    little-plugger (1.1.4)
    logging (2.2.2)
      little-plugger (~> 1.1)
      multi_json (~> 1.10)
    minitest (5.10.3)
    multi_json (1.12.2)
    paint (2.0.0)
    paint-shortcuts (2.0.0)
      paint (>= 1.0, < 3.0)
    rake (10.5.0)
    rubygems-tasks (0.2.4)
    term-ansicolor (1.4.0)
      tins (~> 1.0)
    thor (0.20.0)
    thread_safe (0.3.6)
    tins (1.13.2)
    tzinfo (1.2.3)
      thread_safe (~> 0.1)
    vcr (3.0.3)

PLATFORMS
  ruby

DEPENDENCIES
  bundler (~> 1.0)
  cucumber (~> 0.10.2)
  dldinternet-mixlib-thor!
  rake (~> 10)
  rubygems-tasks (~> 0.2)

BUNDLED WITH
   1.15.4
